GIT
  remote: git@github.com:farkasmate/rubygem-kubectl_eyaml
  revision: b3449f4d8964487c6e19fdf8e4ff2b935d2d113b
  ref: master
  specs:
    kubectl_eyaml (2.0.0)

GEM
  remote: https://rubygems.org/
  specs:
    hiera-eyaml (3.2.0)
      highline (~> 1.6.19)
      optimist
    highline (1.6.21)
    optimist (3.0.0)
    rake (13.0.1)

PLATFORMS
  ruby

DEPENDENCIES
  hiera-eyaml (~> 3.2)
  kubectl_eyaml!
  rake (~> 13.0)

BUNDLED WITH
   2.0.1
