GIT
  remote: git@github.com:farkasmate/rubygem-kubectl_eyaml
  revision: b3449f4d8964487c6e19fdf8e4ff2b935d2d113b
  ref: master
  specs:
    kubectl_eyaml (2.0.0)

GEM
  remote: https://rubygems.org/
  specs:
    hiera-eyaml (3.3.0)
      highline
      optimist
    highline (2.0.3)
    optimist (3.0.1)
    rake (13.0.6)

PLATFORMS
  x86_64-linux

DEPENDENCIES
  hiera-eyaml (~> 3.2)
  kubectl_eyaml!
  rake (~> 13.0)

BUNDLED WITH
   2.3.7
